GEM
  remote: https://rubygems.org/
  specs:
    colorize (0.8.1)
    csv (3.2.2)
    minitest (5.15.0)
    rake (13.0.6)

PLATFORMS
  arm64-darwin-21

DEPENDENCIES
  colorize
  csv
  minitest
  rake

BUNDLED WITH
   2.2.32
