GEM
  remote: https://rubygems.org/
  specs:
    colorize (0.8.1)
    csv (3.2.2)
    json (2.6.1)
    kgio (2.11.4)
    minitest (5.15.0)
    multi_json (1.15.0)
    mustermann (1.1.1)
      ruby2_keywords (~> 0.0.1)
    rack (2.2.3)
    rack-protection (2.1.0)
      rack
    raindrops (0.20.0)
    rake (13.0.6)
    ruby2_keywords (0.0.5)
    sinatra (2.1.0)
      mustermann (~> 1.0)
      rack (~> 2.2)
      rack-protection (= 2.1.0)
      tilt (~> 2.0)
    sinatra-contrib (2.1.0)
      multi_json
      mustermann (~> 1.0)
      rack-protection (= 2.1.0)
      sinatra (= 2.1.0)
      tilt (~> 2.0)
    tilt (2.0.10)
    unicorn (6.1.0)
      kgio (~> 2.6)
      raindrops (~> 0.7)

PLATFORMS
  arm64-darwin-21
  x86_64-linux

DEPENDENCIES
  colorize
  csv
  json
  minitest
  rake
  sinatra
  sinatra-contrib
  unicorn

BUNDLED WITH
   2.2.32
